GEM
  remote: https://rubygems.org/
  specs:
    concurrent-ruby (0.8.0)
      ref (~> 1.0, >= 1.0.5)
    diff-lcs (1.2.5)
    docker-api (1.33.1)
      excon (>= 0.38.0)
      json
    excon (0.78.0)
    json (2.3.1)
    rake (12.3.3)
    ref (1.0.5)
    rspec (3.2.0)
      rspec-core (~> 3.2.0)
      rspec-expectations (~> 3.2.0)
      rspec-mocks (~> 3.2.0)
    rspec-core (3.2.3)
      rspec-support (~> 3.2.0)
    rspec-expectations (3.2.1)
      diff-lcs (>= 1.2.0, < 2.0)
      rspec-support (~> 3.2.0)
    rspec-mocks (3.2.1)
      diff-lcs (>= 1.2.0, < 2.0)
      rspec-support (~> 3.2.0)
    rspec-support (3.2.2)

PLATFORMS
  ruby

DEPENDENCIES
  concurrent-ruby
  docker-api
  rake
  rspec

BUNDLED WITH
   1.13.6
